PATH
  remote: .
  specs:
    mysql2wrapper (0.0.2)
      mysql2 (= 0.3.11)

GEM
  remote: http://rubygems.org/
  specs:
    mysql2 (0.3.11)

PLATFORMS
  ruby

DEPENDENCIES
  mysql2wrapper!
